GEM
  remote: https://rubygems.org/
  specs:
    awesome_print (1.6.1)
    cabin (0.4.4)
      json
    diff-lcs (1.1.3)
    jls-grok (0.10.7)
      cabin (~> 0.4.0)
    json (1.7.5)
    rake (0.9.2.2)
    rspec (2.11.0)
      rspec-core (~> 2.11.0)
      rspec-expectations (~> 2.11.0)
      rspec-mocks (~> 2.11.0)
    rspec-core (2.11.1)
    rspec-expectations (2.11.2)
      diff-lcs (~> 1.1.3)
    rspec-mocks (2.11.2)

PLATFORMS
  ruby

DEPENDENCIES
  awesome_print
  jls-grok
  rake
  rspec
